GIT
  remote: git://github.com/rack/rack.git
  revision: 85ca454e6143a3081d90e4546ccad602a4c3ad2e
  specs:
    rack (1.2.1)

GIT
  remote: https://github.com/paneq/calendar_date_select.git
  revision: 8e7ec79435a68665df40b14bd90f47e6ac5e9135
  branch: rails3test
  specs:
    calendar_date_select (1.16.1)

PATH
  remote: /home/franco/github/rails
  specs:
    actionmailer (3.0.3)
      actionpack (= 3.0.3)
      mail (~> 2.2.9)
    actionpack (3.0.3)
      activemodel (= 3.0.3)
      activesupport (= 3.0.3)
      builder (~> 2.1.2)
      erubis (~> 2.6.6)
      i18n (~> 0.4)
      rack (~> 1.2.1)
      rack-mount (~> 0.6.13)
      rack-test (~> 0.5.6)
      tzinfo (~> 0.3.23)
    activemodel (3.0.3)
      activesupport (= 3.0.3)
      builder (~> 2.1.2)
      i18n (~> 0.4)
    activerecord (3.0.3)
      activemodel (= 3.0.3)
      activesupport (= 3.0.3)
      arel (~> 2.0.2)
      tzinfo (~> 0.3.23)
    activeresource (3.0.3)
      activemodel (= 3.0.3)
      activesupport (= 3.0.3)
    activesupport (3.0.3)
    rails (3.0.3)
      actionmailer (= 3.0.3)
      actionpack (= 3.0.3)
      activerecord (= 3.0.3)
      activeresource (= 3.0.3)
      activesupport (= 3.0.3)
      bundler (~> 1.0)
      railties (= 3.0.3)
    railties (3.0.3)
      actionpack (= 3.0.3)
      activesupport (= 3.0.3)
      rake (>= 0.8.7)
      thor (~> 0.14.4)

GEM
  remote: http://rubygems.org/
  remote: http://gems.github.com/
  specs:
    RedCloth (4.2.3)
    aaronh-chronic (0.3.9)
    abstract (1.0.0)
    arel (2.0.4)
    builder (2.1.2)
    cgi_multipart_eof_fix (2.5.0)
    color (1.4.1)
    daemons (1.1.0)
    erubis (2.6.6)
      abstract (>= 1.0.0)
    fastthread (1.0.7)
    gem_plugin (0.2.3)
    hoe (2.7.0)
      rake (>= 0.8.7)
      rubyforge (>= 2.0.4)
    i18n (0.4.2)
    json_pure (1.4.6)
    mail (2.2.10)
      activesupport (>= 2.3.6)
      i18n (~> 0.4.1)
      mime-types (~> 1.16)
      treetop (~> 1.4.8)
    memcache-client (1.8.5)
    metaskills-pdf-writer (1.2.3)
      color (>= 1.4.0)
      transaction-simple (~> 1.3)
    mime-types (1.16)
    mini_magick (3.1)
      subexec (~> 0.0.4)
    mksm-rubyzip (0.9.3)
    mongrel (1.1.5)
      cgi_multipart_eof_fix (>= 2.4)
      daemons (>= 1.0.3)
      fastthread (>= 1.0.1)
      gem_plugin (>= 0.2.3)
    newrelic_rpm (2.13.3)
    paper_trail (1.6.4)
      actionpack (>= 2.3)
      activerecord (>= 2.3)
    paperclip (2.3.5)
      activerecord
      activesupport
    pg (0.9.0)
    polyglot (0.3.1)
    rack-mount (0.6.13)
      rack (>= 1.0.0)
    rack-test (0.5.6)
      rack (>= 1.0)
    rake (0.8.7)
    rubyforge (2.0.4)
      json_pure (>= 1.1.7)
    smurf (1.0.4)
    subexec (0.0.4)
    thor (0.14.6)
    timeliness (0.1.1)
    transaction-simple (1.4.0)
      hoe (>= 1.1.7)
    treetop (1.4.9)
      polyglot (>= 0.3.1)
    tzinfo (0.3.23)
    uuidtools (2.1.1)
    validates_timeliness (3.0.1)
      timeliness (~> 0.1.0)
    whenever (0.6.2)
      aaronh-chronic (>= 0.3.9)
      activesupport (>= 2.3.4)
    will_paginate (3.0.pre2)
    ya2yaml (0.30)

PLATFORMS
  ruby

DEPENDENCIES
  RedCloth
  calendar_date_select!
  color
  memcache-client
  metaskills-pdf-writer
  mini_magick
  mksm-rubyzip
  mongrel
  newrelic_rpm
  paper_trail
  paperclip
  pg
  rack!
  rails!
  smurf
  transaction-simple
  uuidtools
  validates_timeliness (~> 3.0)
  whenever
  will_paginate (~> 3.0.beta)
  ya2yaml
