GIT
  remote: franco@mawidaweb.com.ar:/home/franco/github/rails
  revision: 3f58a3cfffbe303f84d04cef0f709e8c656b847d
  branch: 3-0-stable_fix_active_support_i18n_load
  specs:
    actionmailer (3.0.4.rc)
      actionpack (= 3.0.4.rc)
      mail (~> 2.2.9)
    actionpack (3.0.4.rc)
      activemodel (= 3.0.4.rc)
      activesupport (= 3.0.4.rc)
      builder (~> 2.1.2)
      erubis (~> 2.6.6)
      i18n (~> 0.4)
      rack (~> 1.2.1)
      rack-mount (~> 0.6.13)
      rack-test (~> 0.5.7)
      tzinfo (~> 0.3.23)
    activemodel (3.0.4.rc)
      activesupport (= 3.0.4.rc)
      builder (~> 2.1.2)
      i18n (~> 0.4)
    activerecord (3.0.4.rc)
      activemodel (= 3.0.4.rc)
      activesupport (= 3.0.4.rc)
      arel (~> 2.0.2)
      tzinfo (~> 0.3.23)
    activeresource (3.0.4.rc)
      activemodel (= 3.0.4.rc)
      activesupport (= 3.0.4.rc)
    activesupport (3.0.4.rc)
    rails (3.0.4.rc)
      actionmailer (= 3.0.4.rc)
      actionpack (= 3.0.4.rc)
      activerecord (= 3.0.4.rc)
      activeresource (= 3.0.4.rc)
      activesupport (= 3.0.4.rc)
      bundler (~> 1.0)
      railties (= 3.0.4.rc)
    railties (3.0.4.rc)
      actionpack (= 3.0.4.rc)
      activesupport (= 3.0.4.rc)
      rake (>= 0.8.7)
      thor (~> 0.14.4)

GIT
  remote: https://github.com/paneq/calendar_date_select.git
  revision: 8e7ec79435a68665df40b14bd90f47e6ac5e9135
  branch: rails3test
  specs:
    calendar_date_select (1.16.1)

GIT
  remote: https://github.com/thumblemonks/smurf.git
  revision: f1997ec5e68462f955bf84db7420afad6ec26f6f
  specs:
    smurf (1.0.5)

GEM
  remote: http://rubygems.org/
  remote: http://gems.github.com/
  specs:
    RedCloth (4.2.3)
    aaronh-chronic (0.3.9)
    abstract (1.0.0)
    ansi (1.2.2)
    arel (2.0.7)
    builder (2.1.2)
    capistrano (2.5.19)
      highline
      net-scp (>= 1.0.0)
      net-sftp (>= 2.0.0)
      net-ssh (>= 2.0.14)
      net-ssh-gateway (>= 1.0.0)
    cgi_multipart_eof_fix (2.5.0)
    color (1.4.1)
    columnize (0.3.2)
    daemons (1.1.0)
    erubis (2.6.6)
      abstract (>= 1.0.0)
    fastthread (1.0.7)
    gem_plugin (0.2.3)
    highline (1.6.1)
    hoe (2.8.0)
      rake (>= 0.8.7)
    i18n (0.5.0)
    linecache (0.43)
    mail (2.2.14)
      activesupport (>= 2.3.6)
      i18n (>= 0.4.0)
      mime-types (~> 1.16)
      treetop (~> 1.4.8)
    memcache-client (1.8.5)
    metaskills-pdf-writer (1.2.3)
      color (>= 1.4.0)
      transaction-simple (~> 1.3)
    mime-types (1.16)
    mini_magick (3.2)
      subexec (~> 0.0.4)
    mksm-rubyzip (0.9.3)
    mongrel (1.1.5)
      cgi_multipart_eof_fix (>= 2.4)
      daemons (>= 1.0.3)
      fastthread (>= 1.0.1)
      gem_plugin (>= 0.2.3)
    net-scp (1.0.4)
      net-ssh (>= 1.99.1)
    net-sftp (2.0.5)
      net-ssh (>= 2.0.9)
    net-ssh (2.1.0)
    net-ssh-gateway (1.0.1)
      net-ssh (>= 1.99.1)
    newrelic_rpm (2.13.4)
    paper_trail (1.6.4)
      actionpack (>= 2.3)
      activerecord (>= 2.3)
    paperclip (2.3.8)
      activerecord
      activesupport
    pg (0.10.1)
    polyglot (0.3.1)
    rack (1.2.1)
    rack-mount (0.6.13)
      rack (>= 1.0.0)
    rack-test (0.5.7)
      rack (>= 1.0)
    rake (0.8.7)
    ruby-debug (0.10.4)
      columnize (>= 0.1)
      ruby-debug-base (~> 0.10.4.0)
    ruby-debug-base (0.10.4)
      linecache (>= 0.3)
    ruby-prof (0.9.2)
    subexec (0.0.4)
    thor (0.14.6)
    timeliness (0.3.3)
    transaction-simple (1.4.0)
      hoe (>= 1.1.7)
    treetop (1.4.9)
      polyglot (>= 0.3.1)
    turn (0.8.1)
      ansi (>= 1.2.2)
    tzinfo (0.3.24)
    uuidtools (2.1.1)
    validates_timeliness (3.0.4)
      timeliness (~> 0.3.2)
    whenever (0.6.2)
      aaronh-chronic (>= 0.3.9)
      activesupport (>= 2.3.4)
    will_paginate (3.0.pre2)
    ya2yaml (0.30)

PLATFORMS
  ruby

DEPENDENCIES
  RedCloth
  bundler
  calendar_date_select!
  capistrano
  color
  memcache-client
  metaskills-pdf-writer
  mini_magick
  mksm-rubyzip
  mongrel
  newrelic_rpm
  paper_trail
  paperclip
  pg
  rails!
  ruby-debug
  ruby-prof
  smurf!
  transaction-simple
  turn
  uuidtools
  validates_timeliness (~> 3.0)
  whenever
  will_paginate (~> 3.0.beta)
  ya2yaml
